GIT
  remote: git://github.com/dnagir/neo4j-advanced.git
  revision: f7e718cd8cd8397483f5058d6921a56af64a52d8
  specs:
    neo4j-advanced (1.8.2-java)

GIT
  remote: git://github.com/dnagir/neo4j-community.git
  revision: da0792b8e2cb6e9bd40472053919a5b06569967f
  specs:
    neo4j-community (1.8.2-java)

GIT
  remote: git://github.com/maxdemarzi/neo4j-enterprise.git
  revision: d10d74506a327bcf2e285d0490962066bf6ebbe8
  specs:
    neo4j-enterprise (1.8.2-java)

GEM
  remote: http://rubygems.org/
  specs:
    columnize (0.3.6)
    linecache (0.46-java)
    neo4j-core (2.2.3-java)
      neo4j-community (>= 1.8.1, < 1.9)
      neo4j-cypher (~> 1.0.0)
    neo4j-cypher (1.0.0)
    neo4j-wrapper (2.2.3-java)
      neo4j-core (= 2.2.3)
    ruby-debug (0.10.4)
      columnize (>= 0.1)
      ruby-debug-base (~> 0.10.4.0)
    ruby-debug-base (0.10.4)
      linecache (>= 0.3)
    ruby-debug-base (0.10.4-java)

PLATFORMS
  java

DEPENDENCIES
  neo4j-advanced (= 1.8.2)!
  neo4j-community (= 1.8.2)!
  neo4j-core (= 2.2.3)
  neo4j-enterprise (= 1.8.2)!
  neo4j-wrapper (= 2.2.3)
  ruby-debug
