GEM
  remote: http://rubygems.org/
  specs:
    columnize (0.3.6)
    neo4j-advanced (1.8.2-java)
    neo4j-community (1.8.2-java)
    neo4j-core (2.2.3-java)
      neo4j-community (>= 1.8.1, < 1.9)
      neo4j-cypher (~> 1.0.0)
    neo4j-cypher (1.0.0)
    neo4j-enterprise (1.8.2-java)
    neo4j-wrapper (2.2.3-java)
      neo4j-core (= 2.2.3)
    ruby-debug (0.10.4)
      columnize (>= 0.1)
      ruby-debug-base (~> 0.10.4.0)
    ruby-debug-base (0.10.4-java)

PLATFORMS
  java

DEPENDENCIES
  neo4j-advanced
  neo4j-community
  neo4j-core (= 2.2.3)
  neo4j-enterprise
  neo4j-wrapper (= 2.2.3)
  ruby-debug
